GIT
  remote: https://github.com/dwilkie/somleng-twilio_http_client.git
  revision: db84fa5cda98038565997ee70f1b80a92ab3e743
  specs:
    somleng-twilio_http_client (0.1.1)
      httparty

GIT
  remote: https://github.com/dwilkie/twilreapi-active_biller.git
  revision: 3ec28f081bb278a6d925e5e921b791709439948d
  specs:
    twilreapi-active_biller (0.1.0)

GIT
  remote: https://github.com/dwilkie/twilreapi-active_call_router.git
  revision: 2ef37bd943a006e6112509f36a0be7af230c26f3
  specs:
    twilreapi-active_call_router (0.2.0)

GIT
  remote: https://github.com/krisleech/wisper.git
  revision: 6da75b59b23a68a5f8d771030d53dacedc862907
  specs:
    wisper (2.0.0)

GIT
  remote: https://github.com/numerex/bitmask_attributes.git
  revision: 0bb0d9993aa6cb3114daa0c118c2bc70a032847c
  specs:
    bitmask_attributes (1.0.0)
      activerecord (>= 3.1)

GIT
  remote: https://github.com/perfectline/validates_url.git
  revision: b170db5a211b7e277c76727a46559c36b989e430
  specs:
    validate_url (1.0.2)
      activemodel (>= 3.0.0)

GIT
  remote: https://github.com/refile/refile-s3.git
  revision: 78a74b60a597dd1174b0599be919689d41d5f118
  specs:
    refile-s3 (0.2.0)
      aws-sdk (~> 2.0)
      refile (~> 0.6.0)

GIT
  remote: https://github.com/refile/refile.git
  revision: 47778bdfceb81dc34f348a050232e7ab70a85e44
  specs:
    refile (0.6.2)
      mime-types
      rest-client (>= 1.8, < 3.0)
      sinatra (>= 2.0.0, <= 3.0.0)

GIT
  remote: https://github.com/sinatra/sinatra.git
  revision: a27ad634a2a4972499116f54727fdf8cdf8995e3
  specs:
    rack-protection (2.0.1)
      rack
    sinatra (2.0.1)
      mustermann (~> 1.0)
      rack (~> 2.0)
      rack-protection (= 2.0.1)
      tilt (~> 2.0)

GIT
  remote: https://github.com/tawan/active-elastic-job.git
  revision: 0fc32d5969879dbdde1c94473ba67fd5e77a5192
  specs:
    active_elastic_job (2.0.1)
      aws-sdk (~> 2)
      rails (>= 4.2)

GIT
  remote: https://github.com/thoughtbot/shoulda-matchers.git
  revision: c0960bd72dd41c4e9bd8b4375254f539776bfe95
  specs:
    shoulda-matchers (3.1.2)
      activesupport (>= 4.2.0)

GEM
  remote: https://rubygems.org/
  specs:
    aasm (4.12.3)
      concurrent-ruby (~> 1.0)
    actioncable (5.1.6)
      actionpack (= 5.1.6)
      nio4r (~> 2.0)
      websocket-driver (~> 0.6.1)
    actionmailer (5.1.6)
      actionpack (= 5.1.6)
      actionview (= 5.1.6)
      activejob (= 5.1.6)
      mail (~> 2.5, >= 2.5.4)
      rails-dom-testing (~> 2.0)
    actionpack (5.1.6)
      actionview (= 5.1.6)
      activesupport (= 5.1.6)
      rack (~> 2.0)
      rack-test (>= 0.6.3)
      rails-dom-testing (~> 2.0)
      rails-html-sanitizer (~> 1.0, >= 1.0.2)
    actionview (5.1.6)
      activesupport (= 5.1.6)
      builder (~> 3.1)
      erubi (~> 1.4)
      rails-dom-testing (~> 2.0)
      rails-html-sanitizer (~> 1.0, >= 1.0.3)
    activejob (5.1.6)
      activesupport (= 5.1.6)
      globalid (>= 0.3.6)
    activemodel (5.1.6)
      activesupport (= 5.1.6)
    activerecord (5.1.6)
      activemodel (= 5.1.6)
      activesupport (= 5.1.6)
      arel (~> 8.0)
    activesupport (5.1.6)
      concurrent-ruby (~> 1.0, >= 1.0.2)
      i18n (>= 0.7, < 2)
      minitest (~> 5.1)
      tzinfo (~> 1.1)
    addressable (2.5.2)
      public_suffix (>= 2.0.2, < 4.0)
    arel (8.0.0)
    aws-sdk (2.11.33)
      aws-sdk-resources (= 2.11.33)
    aws-sdk-core (2.11.33)
      aws-sigv4 (~> 1.0)
      jmespath (~> 1.0)
    aws-sdk-resources (2.11.33)
      aws-sdk-core (= 2.11.33)
    aws-sigv4 (1.0.2)
    builder (3.2.3)
    codeclimate-test-reporter (1.0.8)
      simplecov (<= 0.13)
    coderay (1.1.2)
    concurrent-ruby (1.0.5)
    crack (0.4.3)
      safe_yaml (~> 1.0.0)
    crass (1.0.4)
    diff-lcs (1.3)
    docile (1.1.5)
    domain_name (0.5.20170404)
      unf (>= 0.0.5, < 1.0.0)
    doorkeeper (4.3.2)
      railties (>= 4.2)
    erubi (1.7.1)
    factory_bot (4.8.2)
      activesupport (>= 3.0.0)
    factory_bot_rails (4.8.2)
      factory_bot (~> 4.8.2)
      railties (>= 3.0.0)
    foreman (0.84.0)
      thor (~> 0.19.1)
    globalid (0.4.1)
      activesupport (>= 4.2.0)
    hashdiff (0.3.7)
    http-cookie (1.0.3)
      domain_name (~> 0.5)
    httparty (0.16.2)
      multi_xml (>= 0.5.2)
    i18n (1.0.1)
      concurrent-ruby (~> 1.0)
    jmespath (1.4.0)
    json (2.1.0)
    loofah (2.2.2)
      crass (~> 1.0.2)
      nokogiri (>= 1.5.9)
    mail (2.7.0)
      mini_mime (>= 0.1.1)
    method_source (0.9.0)
    mime-types (3.1)
      mime-types-data (~> 3.2015)
    mime-types-data (3.2016.0521)
    mini_mime (1.0.0)
    mini_portile2 (2.3.0)
    minitest (5.11.3)
    monetize (1.7.0)
      money (~> 6.9)
    money (6.11.0)
      i18n (>= 0.6.4, < 1.1)
    money-rails (1.11.0)
      activesupport (>= 3.0)
      monetize (~> 1.7.0)
      money (~> 6.11.0)
      railties (>= 3.0)
    multi_xml (0.6.0)
    mustermann (1.0.2)
    netrc (0.11.0)
    nio4r (2.3.0)
    nokogiri (1.8.2)
      mini_portile2 (~> 2.3.0)
    okcomputer (1.17.2)
    pg (1.0.0)
    phony (2.16.4)
    phony_rails (0.14.7)
      activesupport (>= 3.0)
      phony (> 2.15)
    pry (0.11.3)
      coderay (~> 1.1.0)
      method_source (~> 0.9.0)
    public_suffix (3.0.2)
    puma (3.11.4)
    rack (2.0.5)
    rack-test (1.0.0)
      rack (>= 1.0, < 3)
    rails (5.1.6)
      actioncable (= 5.1.6)
      actionmailer (= 5.1.6)
      actionpack (= 5.1.6)
      actionview (= 5.1.6)
      activejob (= 5.1.6)
      activemodel (= 5.1.6)
      activerecord (= 5.1.6)
      activesupport (= 5.1.6)
      bundler (>= 1.3.0)
      railties (= 5.1.6)
      sprockets-rails (>= 2.0.0)
    rails-dom-testing (2.0.3)
      activesupport (>= 4.2.0)
      nokogiri (>= 1.6)
    rails-html-sanitizer (1.0.4)
      loofah (~> 2.2, >= 2.2.2)
    rails_12factor (0.0.3)
      rails_serve_static_assets
      rails_stdout_logging
    rails_serve_static_assets (0.0.5)
    rails_stdout_logging (0.0.5)
    railties (5.1.6)
      actionpack (= 5.1.6)
      activesupport (= 5.1.6)
      method_source
      rake (>= 0.8.7)
      thor (>= 0.18.1, < 2.0)
    rake (12.3.1)
    responders (2.4.0)
      actionpack (>= 4.2.0, < 5.3)
      railties (>= 4.2.0, < 5.3)
    rest-client (2.0.2)
      http-cookie (>= 1.0.2, < 2.0)
      mime-types (>= 1.16, < 4.0)
      netrc (~> 0.8)
    rspec-core (3.7.1)
      rspec-support (~> 3.7.0)
    rspec-expectations (3.7.0)
      diff-lcs (>= 1.2.0, < 2.0)
      rspec-support (~> 3.7.0)
    rspec-mocks (3.7.0)
      diff-lcs (>= 1.2.0, < 2.0)
      rspec-support (~> 3.7.0)
    rspec-rails (3.7.2)
      actionpack (>= 3.0)
      activesupport (>= 3.0)
      railties (>= 3.0)
      rspec-core (~> 3.7.0)
      rspec-expectations (~> 3.7.0)
      rspec-mocks (~> 3.7.0)
      rspec-support (~> 3.7.0)
    rspec-support (3.7.1)
    safe_yaml (1.0.4)
    simplecov (0.13.0)
      docile (~> 1.1.0)
      json (>= 1.8, < 3)
      simplecov-html (~> 0.10.0)
    simplecov-html (0.10.2)
    spring (2.0.2)
      activesupport (>= 4.2)
    spring-commands-rspec (1.0.4)
      spring (>= 0.9.1)
    sprockets (3.7.2)
      concurrent-ruby (~> 1.0)
      rack (> 1, < 3)
    sprockets-rails (3.2.1)
      actionpack (>= 4.0)
      activesupport (>= 4.0)
      sprockets (>= 3.0.0)
    thor (0.19.4)
    thread_safe (0.3.6)
    tilt (2.0.8)
    tzinfo (1.2.5)
      thread_safe (~> 0.1)
    unf (0.1.4)
      unf_ext
    unf_ext (0.0.7.5)
    webmock (3.3.0)
      addressable (>= 2.3.6)
      crack (>= 0.3.2)
      hashdiff
    websocket-driver (0.6.5)
      websocket-extensions (>= 0.1.0)
    websocket-extensions (0.1.3)
    wisper-rspec (1.0.1)

PLATFORMS
  ruby

DEPENDENCIES
  aasm
  active_elastic_job!
  bitmask_attributes!
  codeclimate-test-reporter (~> 1.0.0)
  doorkeeper
  factory_bot_rails
  foreman
  money-rails
  okcomputer
  pg
  phony
  phony_rails
  pry
  puma
  rails (= 5.1.6)
  rails_12factor
  refile!
  refile-s3!
  responders
  rspec-rails
  shoulda-matchers!
  simplecov
  sinatra!
  somleng-twilio_http_client!
  spring
  spring-commands-rspec
  twilreapi-active_biller!
  twilreapi-active_call_router!
  validate_url!
  webmock
  wisper!
  wisper-rspec

BUNDLED WITH
   1.16.1
